GIT
  remote: https://github.com/adaoraul/rack-jekyll.git
  revision: 8c473088a12e3336fb9c69e13937d6bbd80edeb1
  specs:
    rack-jekyll (0.3.5)
      jekyll (~> 0.11.0)
      rack (~> 1.3.2)

GIT
  remote: https://github.com/mojombo/jekyll.git
  revision: 72b7b1f0566a3c20951d7b2414f04369e24b1e81
  tag: v0.11.0
  specs:
    jekyll (0.11.0)
      albino (>= 1.3.2)
      classifier (>= 1.3.1)
      directory_watcher (>= 1.1.1)
      kramdown (>= 0.13.2)
      liquid (>= 1.9.0)
      maruku (>= 0.5.9)

GEM
  remote: http://rubygems.org/
  specs:
    albino (1.3.3)
      posix-spawn (>= 0.3.6)
    classifier (1.3.3)
      fast-stemmer (>= 1.0.0)
    directory_watcher (1.4.0)
    fast-stemmer (1.0.0)
    kramdown (0.13.3)
    liquid (2.2.2)
    maruku (0.6.0)
      syntax (>= 1.0.0)
    posix-spawn (0.3.6)
    rack (1.3.2)
    syntax (1.0.0)

PLATFORMS
  ruby

DEPENDENCIES
  jekyll!
  rack-jekyll!
